GIT
  remote: https://github.com/rails-sqlserver/tiny_tds
  revision: 757e6d40b8e5ac7da56af5e32074723db305d9f4
  branch: master
  specs:
    tiny_tds (0.6.3.rc1)

GIT
  remote: https://github.com/wandenberg/moped
  revision: 470224c0361f21112d1a988982af2702f73d9eb2
  branch: operation_timeout
  specs:
    moped (2.0.4)
      bson (~> 2.2)
      connection_pool (~> 2.0)
      optionable (~> 0.2.0)

GEM
  remote: https://rubygems.org/
  specs:
    activesupport (4.2.0)
      i18n (~> 0.7)
      json (~> 1.7, >= 1.7.7)
      minitest (~> 5.1)
      thread_safe (~> 0.3, >= 0.3.4)
      tzinfo (~> 1.1)
    addressable (2.3.7)
    api-auth (1.3.1)
    binding_of_caller (0.7.2)
      debug_inspector (>= 0.0.1)
    blazing (0.4.1)
      activesupport
      grit
      i18n
      logging
      thor
    bson (2.3.0)
    celluloid (0.16.0)
      timers (~> 4.0.0)
    coderay (1.1.0)
    connection_pool (2.1.2)
    debug_inspector (0.0.2)
    diff-lcs (1.2.5)
    faraday (0.9.1)
      multipart-post (>= 1.2, < 3)
    grit (2.0.0)
      diff-lcs (>= 1.1.2)
      mime-types (>= 1.15)
    hitimes (1.2.2)
    i18n (0.7.0)
    ice_cube (0.11.1)
    interception (0.5)
    json (1.8.2)
    little-plugger (1.1.3)
    logging (1.8.2)
      little-plugger (>= 1.1.3)
      multi_json (>= 1.8.4)
    method_source (0.8.2)
    mime-types (2.4.3)
    minitest (5.5.1)
    multi_json (1.11.0)
    multipart-post (2.0.0)
    mysql2 (0.3.18)
    optionable (0.2.0)
    promise (0.3.1)
    pry (0.10.1)
      coderay (~> 1.1.0)
      method_source (~> 0.8.1)
      slop (~> 3.4)
    pry-rescue (1.4.1)
      interception (>= 0.5)
      pry
    pry-stack_explorer (0.4.9.2)
      binding_of_caller (>= 0.7)
      pry (>= 0.9.11)
    rack (1.6.0)
    rails_config (0.5.0.beta1)
      activesupport (>= 3.0)
    rake (10.4.2)
    redis (3.2.1)
    redis-namespace (1.5.1)
      redis (~> 3.0, >= 3.0.4)
    rspec (3.2.0)
      rspec-core (~> 3.2.0)
      rspec-expectations (~> 3.2.0)
      rspec-mocks (~> 3.2.0)
    rspec-core (3.2.2)
      rspec-support (~> 3.2.0)
    rspec-expectations (3.2.0)
      diff-lcs (>= 1.2.0, < 2.0)
      rspec-support (~> 3.2.0)
    rspec-mocks (3.2.1)
      diff-lcs (>= 1.2.0, < 2.0)
      rspec-support (~> 3.2.0)
    rspec-support (3.2.2)
    sentry-raven (0.12.3)
      faraday (>= 0.7.6)
    sidekiq (3.3.2)
      celluloid (>= 0.16.0)
      connection_pool (>= 2.1.1)
      json
      redis (>= 3.0.6)
      redis-namespace (>= 1.3.1)
    sidetiq (0.6.3)
      celluloid (>= 0.14.1)
      ice_cube (= 0.11.1)
      sidekiq (>= 3.0.0)
    simple_oauth (0.3.1)
    slop (3.6.0)
    thor (0.19.1)
    thread_safe (0.3.5)
    timers (4.0.1)
      hitimes
    trogdir_api_client (0.4.1)
      api-auth (~> 1.0)
      weary (~> 1.0)
    tzinfo (1.2.2)
      thread_safe (~> 0.1)
    weary (1.1.3)
      addressable (~> 2.3)
      multi_json (~> 1.7)
      promise (~> 0.3.0)
      rack (~> 1.5)
      simple_oauth (~> 0.2)

PLATFORMS
  ruby

DEPENDENCIES
  blazing
  moped (= 2.0.4)!
  mysql2
  pry
  pry-rescue
  pry-stack_explorer
  rails_config (~> 0.5.0.beta1)
  rake
  rspec
  sentry-raven
  sidekiq
  sidetiq
  tiny_tds!
  trogdir_api_client
